PATH
  remote: .
  specs:
    array_search (0.0.1)

GEM
  remote: https://rubygems.org/
  specs:

PLATFORMS
  ruby

DEPENDENCIES
  array_search!
